GIT
  remote: https://github.com/adaoraul/rack-jekyll
  revision: 9ab9614be6a284dfd8e8c8e0c79011221c2ac8d9
  specs:
    rack-jekyll (0.4.0)
      jekyll (~> 0.11.0)
      rack (~> 1.4.1)

GEM
  remote: http://rubygems.org/
  specs:
    RedCloth (4.2.9)
    albino (1.3.3)
      posix-spawn (>= 0.3.6)
    classifier (1.3.3)
      fast-stemmer (>= 1.0.0)
    coffee-script (2.2.0)
      coffee-script-source
      execjs
    coffee-script-source (1.4.0)
    directory_watcher (1.4.1)
    execjs (1.4.0)
      multi_json (~> 1.0)
    fast-stemmer (1.0.1)
    haml (3.1.7)
    jekyll (0.11.2)
      albino (~> 1.3)
      classifier (~> 1.3)
      directory_watcher (~> 1.1)
      kramdown (~> 0.13)
      liquid (~> 2.3)
      maruku (~> 0.5)
    kgio (2.7.4)
    kramdown (0.14.1)
    liquid (2.4.1)
    maruku (0.6.1)
      syntax (>= 1.0.0)
    multi_json (1.5.0)
    posix-spawn (0.3.6)
    rack (1.4.1)
    raindrops (0.10.0)
    sass (3.2.3)
    syntax (1.0.0)
    unicorn (4.5.0)
      kgio (~> 2.6)
      rack
      raindrops (~> 0.7)

PLATFORMS
  ruby

DEPENDENCIES
  RedCloth
  coffee-script
  haml
  rack-jekyll!
  sass
  unicorn
